GEM
  remote: http://rubygems.org/
  specs:
    rack (1.2.1)
    rack-test (0.5.7)
      rack (>= 1.0)
    rspec (2.0.0.beta.4)
      rspec-core (= 2.0.0.beta.4)
      rspec-expectations (= 2.0.0.beta.4)
      rspec-mocks (= 2.0.0.beta.4)
    rspec-core (2.0.0.beta.4)
    rspec-expectations (2.0.0.beta.4)
    rspec-mocks (2.0.0.beta.4)

PLATFORMS
  ruby

DEPENDENCIES
  rack-test
  rspec (= 2.0.0.beta.4)
